GEM
  remote: http://rubygems.org/
  specs:
    abstract (1.0.0)
    actionpack (3.0.15)
      activemodel (= 3.0.15)
      activesupport (= 3.0.15)
      builder (~> 2.1.2)
      erubis (~> 2.6.6)
      i18n (~> 0.5.0)
      rack (~> 1.2.5)
      rack-mount (~> 0.6.14)
      rack-test (~> 0.5.7)
      tzinfo (~> 0.3.23)
    activemodel (3.0.15)
      activesupport (= 3.0.15)
      builder (~> 2.1.2)
      i18n (~> 0.5.0)
    activesupport (3.0.15)
    appraisal (0.4.1)
      bundler
      rake
    builder (2.1.2)
    erubis (2.6.6)
      abstract (>= 1.0.0)
    i18n (0.5.0)
    rack (1.2.5)
    rack-mount (0.6.14)
      rack (>= 1.0.0)
    rack-test (0.5.7)
      rack (>= 1.0)
    rake (12.3.3)
    test-unit (2.5.1)
    tzinfo (0.3.33)

PLATFORMS
  ruby

DEPENDENCIES
  actionpack (= 3.0.15)
  appraisal
  rake
  test-unit (>= 2.5.1)
